GEM
  remote: http://ruby.taobao.org/
  remote: http://gemcutter.org/
  specs:
    activesupport (3.2.13)
      i18n (= 0.6.1)
      multi_json (~> 1.0)
    backports (3.1.1)
    bing_translator (3.2.0)
      json (~> 1.7.7)
      nokogiri (~> 1.5.9)
    builder (3.0.4)
    bzip2-ruby (0.2.7)
    crack (0.3.2)
    dickens (0.2.1)
    easy_translate (0.3.3)
      json
    eventmachine (1.0.3)
    expression_parser (0.9.0)
    i18n (0.6.1)
    json (1.7.7)
    libxml-ruby (2.6.0)
    mecab-ext (1.0.0)
      activesupport (~> 3.2.13)
    multi_json (1.7.3)
    mysql2 (0.3.11)
    nokogiri (1.5.9)
    rack (1.5.2)
    rack-protection (1.5.0)
      rack
    rack-test (0.6.2)
      rack (>= 1.0)
    rmmseg-cpp (0.2.9)
    sequel (3.45.0)
    shotgun (0.9)
      rack (>= 1.0)
    sinatra (1.3.6)
      rack (~> 1.4)
      rack-protection (~> 1.3)
      tilt (~> 1.3, >= 1.3.3)
    sinatra-contrib (1.3.2)
      backports (>= 2.0)
      eventmachine
      rack-protection
      rack-test
      sinatra (~> 1.3.0)
      tilt (~> 1.3)
    sqlite3 (1.3.7)
    tilt (1.3.6)
    youdao-fanyi (0.0.2)
      crack

PLATFORMS
  ruby

DEPENDENCIES
  activesupport
  bing_translator
  builder
  bzip2-ruby
  dickens
  easy_translate
  expression_parser
  libxml-ruby
  mecab-ext
  mysql2
  nokogiri
  rmmseg-cpp
  sequel
  shotgun
  sinatra
  sinatra-contrib
  sqlite3
  youdao-fanyi
