GEM
  remote: http://ruby.taobao.org/
  remote: http://gemcutter.org/
  specs:
    backports (3.1.1)
    builder (3.0.4)
    bzip2-ruby (0.2.7)
    eventmachine (1.0.3)
    expression_parser (0.9.0)
    libxml-ruby (2.6.0)
    mysql2 (0.3.11)
    nokogiri (1.5.9)
    rack (1.5.2)
    rack-protection (1.5.0)
      rack
    rack-test (0.6.2)
      rack (>= 1.0)
    sequel (3.45.0)
    shotgun (0.9)
      rack (>= 1.0)
    sinatra (1.3.6)
      rack (~> 1.4)
      rack-protection (~> 1.3)
      tilt (~> 1.3, >= 1.3.3)
    sinatra-contrib (1.3.2)
      backports (>= 2.0)
      eventmachine
      rack-protection
      rack-test
      sinatra (~> 1.3.0)
      tilt (~> 1.3)
    sqlite3 (1.3.7)
    tilt (1.3.6)

PLATFORMS
  ruby

DEPENDENCIES
  builder
  bzip2-ruby
  expression_parser
  libxml-ruby
  mysql2
  nokogiri
  sequel
  shotgun
  sinatra
  sinatra-contrib
  sqlite3
